GIT
  remote: https://github.com/thoughtbot/appraisal.git
  revision: 586864393e405a67b1457b563a4d5adc99e50e2d
  ref: 5868643
  specs:
    appraisal (2.2.0)
      bundler
      rake
      thor (>= 0.14.0)

PATH
  remote: .
  specs:
    remove_bg (1.4.0)
      faraday (>= 0.15, < 2)
      image_processing (>= 1.9, < 2)
      rubyzip (>= 2.0, < 3)

GEM
  remote: https://rubygems.org/
  specs:
    addressable (2.7.0)
      public_suffix (>= 2.0.2, < 5.0)
    coderay (1.1.2)
    crack (0.4.3)
      safe_yaml (~> 1.0.0)
    diff-lcs (1.3)
    dotenv (2.7.5)
    faraday (1.0.1)
      multipart-post (>= 1.2, < 3)
    ffi (1.12.2)
    hashdiff (1.0.1)
    image_processing (1.11.0)
      mini_magick (>= 4.9.5, < 5)
      ruby-vips (>= 2.0.17, < 3)
    method_source (1.0.0)
    mini_magick (4.10.1)
    multipart-post (2.1.1)
    pry (0.13.1)
      coderay (~> 1.1)
      method_source (~> 1.0)
    public_suffix (4.0.4)
    rake (13.0.1)
    rspec (3.9.0)
      rspec-core (~> 3.9.0)
      rspec-expectations (~> 3.9.0)
      rspec-mocks (~> 3.9.0)
    rspec-core (3.9.2)
      rspec-support (~> 3.9.3)
    rspec-expectations (3.9.1)
      diff-lcs (>= 1.2.0, < 2.0)
      rspec-support (~> 3.9.0)
    rspec-mocks (3.9.1)
      diff-lcs (>= 1.2.0, < 2.0)
      rspec-support (~> 3.9.0)
    rspec-support (3.9.3)
    rspec-with_params (0.2.0)
      rspec (~> 3.0)
    rspec_junit_formatter (0.4.1)
      rspec-core (>= 2, < 4, != 2.12.0)
    ruby-vips (2.0.17)
      ffi (~> 1.9)
    rubyzip (2.3.0)
    safe_yaml (1.0.5)
    thor (1.0.1)
    vcr (5.1.0)
    webmock (3.8.3)
      addressable (>= 2.3.6)
      crack (>= 0.3.2)
      hashdiff (>= 0.4.0, < 2.0.0)

PLATFORMS
  ruby

DEPENDENCIES
  appraisal!
  bundler (~> 2.0)
  dotenv
  pry
  rake
  remove_bg!
  rspec (~> 3.8)
  rspec-with_params
  rspec_junit_formatter
  vcr
  webmock

BUNDLED WITH
   2.1.4
